PATH
  remote: .
  specs:
    riak-syslog (0.1)
      chronic
      gli
      hirb
      riak-client (~> 1.0.3)

GEM
  remote: http://rubygems.org/
  specs:
    beefcake (0.3.7)
    builder (3.0.0)
    chronic (0.6.7)
    gli (1.6.0)
    hirb (0.6.2)
    i18n (0.6.0)
    json (2.3.1)
    multi_json (1.0.3)
    riak-client (1.0.3)
      beefcake (~> 0.3.7)
      builder (>= 2.1.2)
      i18n (>= 0.4.0)
      multi_json (~> 1.0)

PLATFORMS
  ruby

DEPENDENCIES
  json
  riak-client (~> 1.0.3)
  riak-syslog!
